PATH
  remote: .
  specs:
    nervion (0.0.1)
      eventmachine (~> 1.0.0.beta.4)
      http_parser.rb (~> 0.5.3)
      yajl-ruby (~> 1.1.0)

GEM
  remote: https://rubygems.org/
  specs:
    diff-lcs (1.1.3)
    eventmachine (1.0.0.beta.4)
    http_parser.rb (0.5.3)
    rspec (2.9.0)
      rspec-core (~> 2.9.0)
      rspec-expectations (~> 2.9.0)
      rspec-mocks (~> 2.9.0)
    rspec-core (2.9.0)
    rspec-expectations (2.9.1)
      diff-lcs (~> 1.1.3)
    rspec-mocks (2.9.0)
    yajl-ruby (1.1.0)

PLATFORMS
  ruby

DEPENDENCIES
  nervion!
  rspec
