PATH
  remote: .
  specs:
    nervion (0.0.1)
      em-http-request (~> 1.0.0)
      yajl-ruby (~> 1.1.0)

GEM
  remote: https://rubygems.org/
  specs:
    addressable (2.2.8)
    cookiejar (0.3.0)
    diff-lcs (1.1.3)
    em-http-request (1.0.2)
      addressable (>= 2.2.3)
      cookiejar
      em-socksify
      eventmachine (>= 1.0.0.beta.4)
      http_parser.rb (>= 0.5.3)
    em-socksify (0.2.0)
      eventmachine (>= 1.0.0.beta.4)
    eventmachine (1.0.0.beta.4)
    http_parser.rb (0.5.3)
    rspec (2.9.0)
      rspec-core (~> 2.9.0)
      rspec-expectations (~> 2.9.0)
      rspec-mocks (~> 2.9.0)
    rspec-core (2.9.0)
    rspec-expectations (2.9.1)
      diff-lcs (~> 1.1.3)
    rspec-mocks (2.9.0)
    yajl-ruby (1.1.0)

PLATFORMS
  ruby

DEPENDENCIES
  nervion!
  rspec
